PATH
  remote: .
  specs:
    relevance/tarantula (0.4.0)

GEM
  remote: https://rubygems.org/
  specs:
    actionmailer (2.3.12)
      actionpack (= 2.3.12)
    actionpack (2.3.12)
      activesupport (= 2.3.12)
      rack (~> 1.1.0)
    activerecord (2.3.12)
      activesupport (= 2.3.12)
    activeresource (2.3.12)
      activesupport (= 2.3.12)
    activesupport (2.3.12)
    diff-lcs (1.1.2)
    hpricot (0.8.4)
    htmlentities (4.3.0)
    json (1.5.3)
    log_buddy (0.6.0)
    mocha (0.9.12)
    rack (1.1.2)
    rails (2.3.12)
      actionmailer (= 2.3.12)
      actionpack (= 2.3.12)
      activerecord (= 2.3.12)
      activeresource (= 2.3.12)
      activesupport (= 2.3.12)
      rake (>= 0.8.3)
    rake (0.9.2)
    rdiscount (1.6.8)
    rdoc (3.9.2)
    rspec (2.6.0)
      rspec-core (~> 2.6.0)
      rspec-expectations (~> 2.6.0)
      rspec-mocks (~> 2.6.0)
    rspec-core (2.6.4)
    rspec-expectations (2.6.0)
      diff-lcs (~> 1.1.2)
    rspec-mocks (2.6.0)
    sdoc (0.3.0)
      json (>= 1.1.3)
      rdoc (~> 3)
    sdoc-helpers (0.1.4)
      sdoc (~> 0.2)

PLATFORMS
  ruby

DEPENDENCIES
  hpricot
  htmlentities
  log_buddy
  mocha
  rails
  rdiscount
  relevance/tarantula!
  rspec
  sdoc
  sdoc-helpers
